PATH
  remote: .
  specs:
    zeromem-ws (0.1.1)
      em-websocket (~> 0.5.1)
      em-websocket-client (~> 0.1.2)
      rjr (>= 0.19.3)

GEM
  remote: https://rubygems.org/
  specs:
    diff-lcs (1.3)
    em-websocket (0.5.1)
      eventmachine (>= 0.12.9)
      http_parser.rb (~> 0.6.0)
    em-websocket-client (0.1.2)
      eventmachine
      websocket
    eventmachine (1.2.5)
    eventmachine (1.2.5-x86-mingw32)
    http_parser.rb (0.6.0)
    json (2.1.0)
    rake (13.0.1)
    rjr (0.19.3)
      eventmachine
      json (>= 1.7.6)
    rspec (3.7.0)
      rspec-core (~> 3.7.0)
      rspec-expectations (~> 3.7.0)
      rspec-mocks (~> 3.7.0)
    rspec-core (3.7.0)
      rspec-support (~> 3.7.0)
    rspec-expectations (3.7.0)
      diff-lcs (>= 1.2.0, < 2.0)
      rspec-support (~> 3.7.0)
    rspec-mocks (3.7.0)
      diff-lcs (>= 1.2.0, < 2.0)
      rspec-support (~> 3.7.0)
    rspec-support (3.7.0)
    websocket (1.2.5)

PLATFORMS
  ruby
  x86-mingw32

DEPENDENCIES
  bundler (~> 1.16)
  eventmachine (>= 1.2.5)
  rake (~> 13.0)
  rspec (~> 3.0)
  zeromem-ws!

BUNDLED WITH
   1.16.0
